PATH
  remote: .
  specs:
    project_builder (0.1.0)
      colorize (~> 0.8.1)
      liquid (~> 4.0, >= 4.0.1)
      thor (~> 0.20.3)

GEM
  remote: https://rubygems.org/
  specs:
    colorize (0.8.1)
    liquid (4.0.1)
    rake (10.5.0)
    thor (0.20.3)

PLATFORMS
  ruby

DEPENDENCIES
  bundler (~> 1.17)
  project_builder!
  rake (~> 10.0)

BUNDLED WITH
   1.17.3
